GEM
  remote: https://rubygems.org/
  specs:
    rack (3.0.0)
    rulers (0.0.1)
      rack

PLATFORMS
  arm64-darwin-21

DEPENDENCIES
  rulers

BUNDLED WITH
   2.3.23
